GEM
  remote: https://rubygems.org/
  specs:
    hpricot (0.8.6)
    sequel (4.27.0)
    unidecode (1.0.0)

PLATFORMS
  ruby

DEPENDENCIES
  hpricot
  sequel
  unidecode

BUNDLED WITH
   1.10.6
